GEM
  remote: https://rubygems.org/
  specs:
    bootstrap (0.0.1)

PLATFORMS
  ruby

DEPENDENCIES
  bootstrap
