GEM
  remote: https://rubygems.org/
  specs:
    bootstrap (0.0.1)
    kramdown (1.3.3)
    rake (10.3.1)

PLATFORMS
  ruby

DEPENDENCIES
  bootstrap
  kramdown
  rake
